PATH
  remote: .
  specs:
    rdoba (0.9.1)

GEM
  remote: http://rubygems.org/
  specs:
    builder (3.2.2)
    codeclimate-test-reporter (0.3.0)
      simplecov (>= 0.7.1, < 1.0.0)
    coveralls (0.7.0)
      multi_json (~> 1.3)
      rest-client
      simplecov (>= 0.7)
      term-ansicolor
      thor
    cucumber (1.3.10)
      builder (>= 2.1.2)
      diff-lcs (>= 1.1.3)
      gherkin (~> 2.12)
      multi_json (>= 1.7.5, < 2.0)
      multi_test (>= 0.0.2)
    diff-lcs (1.2.5)
    docile (1.1.2)
    gherkin (2.12.2)
      multi_json (~> 1.3)
    highline (1.6.20)
    httparty (0.12.0)
      json (~> 1.8)
      multi_xml (>= 0.5.2)
    json (1.8.1)
    mime-types (2.1)
    multi_json (1.8.4)
    multi_test (0.0.3)
    multi_xml (0.5.5)
    rake (0.9.6)
    rdiscount (2.1.7)
    rest-client (1.6.7)
      mime-types (>= 1.16)
    simplecov (0.8.2)
      docile (~> 1.1.0)
      multi_json
      simplecov-html (~> 0.8.0)
    simplecov-html (0.8.0)
    tddium (0.14.1)
      bundler
      highline
      json
      tddium_client (~> 0.1.1)
      thor
    tddium_client (0.1.5)
      httparty (>= 0.8.1)
      json
    term-ansicolor (1.2.2)
      tins (~> 0.8)
    thor (0.18.1)
    tins (0.13.2)

PLATFORMS
  ruby

DEPENDENCIES
  bundler (~> 1.5)
  codeclimate-test-reporter
  coveralls (~> 0)
  cucumber (~> 1.3)
  rake (~> 0)
  rdiscount (~> 2.1)
  rdoba!
  simplecov (~> 0)
  tddium (~> 0)
